PATH
  remote: .
  specs:
    jekyll-theme-yat (1.8.0)
      jekyll (> 3.5, < 5.0)
      jekyll-feed (~> 0.9)
      jekyll-paginate (~> 1.1)
      jekyll-seo-tag (~> 2.1)
      jekyll-sitemap (~> 1.3)
      jekyll-spaceship (~> 0.2)

GEM
  remote: https://rubygems.org/
  specs:
    addressable (2.8.1)
      public_suffix (>= 2.0.2, < 6.0)
    colorator (1.1.0)
    concurrent-ruby (1.1.10)
    domain_name (0.5.20190701)
      unf (>= 0.0.5, < 1.0.0)
    em-websocket (0.5.3)
      eventmachine (>= 0.12.9)
      http_parser.rb (~> 0)
    eventmachine (1.2.7-x64-mingw32)
    faraday (2.5.2)
      faraday-net_http (>= 2.0, < 3.1)
      ruby2_keywords (>= 0.0.4)
    faraday-cookie_jar (0.0.7)
      faraday (>= 0.8.0)
      http-cookie (~> 1.0.0)
    faraday-encoding (0.0.5)
      faraday
    faraday-follow_redirects (0.3.0)
      faraday (>= 1, < 3)
    faraday-gzip (0.1.0)
      faraday (>= 1.0)
      zlib (~> 2.1)
    faraday-http-cache (2.4.1)
      faraday (>= 0.8)
    faraday-net_http (3.0.0)
    faraday-retry (2.0.0)
      faraday (~> 2.0)
    fastimage (2.2.6)
    ffi (1.15.5-x64-mingw32)
    forwardable-extended (2.6.0)
    gemoji (3.0.1)
    http-cookie (1.0.5)
      domain_name (~> 0.5)
    http_parser.rb (0.8.0)
    i18n (1.12.0)
      concurrent-ruby (~> 1.0)
    jekyll (4.2.2)
      addressable (~> 2.4)
      colorator (~> 1.0)
      em-websocket (~> 0.5)
      i18n (~> 1.0)
      jekyll-sass-converter (~> 2.0)
      jekyll-watch (~> 2.0)
      kramdown (~> 2.3)
      kramdown-parser-gfm (~> 1.0)
      liquid (~> 4.0)
      mercenary (~> 0.4.0)
      pathutil (~> 0.9)
      rouge (~> 3.0)
      safe_yaml (~> 1.0)
      terminal-table (~> 2.0)
    jekyll-feed (0.16.0)
      jekyll (>= 3.7, < 5.0)
    jekyll-linkpreview (0.4.1)
      jekyll (>= 3.5, < 5.0)
      metainspector (~> 5.9)
    jekyll-paginate (1.1.0)
    jekyll-sass-converter (2.2.0)
      sassc (> 2.0.1, < 3.0)
    jekyll-seo-tag (2.8.0)
      jekyll (>= 3.8, < 5.0)
    jekyll-sitemap (1.4.0)
      jekyll (>= 3.7, < 5.0)
    jekyll-spaceship (0.10.2)
      gemoji (~> 3.0)
      jekyll (>= 3.6, < 5.0)
      nokogiri (~> 1.6)
      rainbow (~> 3.0)
    jekyll-watch (2.2.1)
      listen (~> 3.0)
    jekyll-youtube (1.0.0)
      jekyll
    kramdown (2.4.0)
      rexml
    kramdown-parser-gfm (1.1.0)
      kramdown (~> 2.0)
    liquid (4.0.3)
    listen (3.7.1)
      rb-fsevent (~> 0.10, >= 0.10.3)
      rb-inotify (~> 0.9, >= 0.9.10)
    mercenary (0.4.0)
    metainspector (5.13.0)
      addressable (~> 2.8)
      faraday (~> 2.5)
      faraday-cookie_jar (~> 0.0)
      faraday-encoding (~> 0.0)
      faraday-follow_redirects (~> 0.3)
      faraday-gzip (~> 0.1)
      faraday-http-cache (~> 2.4)
      faraday-retry (~> 2.0)
      fastimage (~> 2.2)
      nesty (~> 1.0)
      nokogiri (~> 1.13)
    nesty (1.0.2)
    nokogiri (1.13.8-x64-mingw32)
      racc (~> 1.4)
    pathutil (0.16.2)
      forwardable-extended (~> 2.6)
    public_suffix (5.0.0)
    racc (1.6.0)
    rainbow (3.1.1)
    rake (12.3.3)
    rb-fsevent (0.11.2)
    rb-inotify (0.10.1)
      ffi (~> 1.0)
    rexml (3.2.5)
    rouge (3.30.0)
    ruby2_keywords (0.0.5)
    safe_yaml (1.0.5)
    sassc (2.4.0-x64-mingw32)
      ffi (~> 1.9)
    terminal-table (2.0.0)
      unicode-display_width (~> 1.1, >= 1.1.1)
    unf (0.1.4)
      unf_ext
    unf_ext (0.0.8.2-x64-mingw32)
    unicode-display_width (1.8.0)
    zlib (2.1.1)

PLATFORMS
  x64-mingw32

DEPENDENCIES
  bundler (>= 1.6, < 3.0)
  jekyll-feed
  jekyll-linkpreview
  jekyll-paginate
  jekyll-seo-tag
  jekyll-sitemap
  jekyll-spaceship
  jekyll-theme-yat!
  jekyll-youtube
  rake (>= 12.0, < 13.0)

BUNDLED WITH
   2.3.22
